PATH
  remote: .
  specs:
    groonga_dev_search (0.1.0)
      haml
      kaminari
      kaminari-sinatra
      launchy
      mail
      padrino-helpers
      parallel
      racknga
      rroonga (>= 5.0.0)
      sinatra
      sinatra-contrib
      sinatra-cross_origin
      thor

GEM
  remote: https://rubygems.org/
  specs:
    actionview (6.0.0)
      activesupport (= 6.0.0)
      builder (~> 3.1)
      erubi (~> 1.4)
      rails-dom-testing (~> 2.0)
      rails-html-sanitizer (~> 1.1, >= 1.2.0)
    activemodel (6.0.0)
      activesupport (= 6.0.0)
    activerecord (6.0.0)
      activemodel (= 6.0.0)
      activesupport (= 6.0.0)
    activesupport (6.0.0)
      concurrent-ruby (~> 1.0, >= 1.0.2)
      i18n (>= 0.7, < 2)
      minitest (~> 5.1)
      tzinfo (~> 1.1)
      zeitwerk (~> 2.1, >= 2.1.8)
    addressable (2.6.0)
      public_suffix (>= 2.0.2, < 4.0)
    archive-zip (0.12.0)
      io-like (~> 0.3.0)
    backports (3.15.0)
    builder (3.2.3)
    concurrent-ruby (1.1.5)
    crass (1.0.5)
    erubi (1.8.0)
    gqtp (1.0.7)
    groonga-client (0.6.1)
      gqtp (>= 1.0.4)
      groonga-command (>= 1.2.8)
      groonga-command-parser (>= 1.1.0)
      hashie
    groonga-command (1.4.1)
      json
    groonga-command-parser (1.1.4)
      groonga-command (>= 1.4.0)
      json-stream
    haml (5.1.2)
      temple (>= 0.8.0)
      tilt
    hashie (3.6.0)
    i18n (0.9.5)
      concurrent-ruby (~> 1.0)
    io-like (0.3.0)
    json (2.2.0)
    json-stream (0.2.1)
    kaminari (1.1.1)
      activesupport (>= 4.1.0)
      kaminari-actionview (= 1.1.1)
      kaminari-activerecord (= 1.1.1)
      kaminari-core (= 1.1.1)
    kaminari-actionview (1.1.1)
      actionview
      kaminari-core (= 1.1.1)
    kaminari-activerecord (1.1.1)
      activerecord
      kaminari-core (= 1.1.1)
    kaminari-core (1.1.1)
    kaminari-sinatra (1.0.1)
      actionview
      kaminari-core (~> 1.0)
      padrino-helpers
      sinatra
    launchy (2.4.3)
      addressable (~> 2.3)
    loofah (2.3.1)
      crass (~> 1.0.2)
      nokogiri (>= 1.5.9)
    mail (2.7.1)
      mini_mime (>= 0.1.1)
    mini_mime (1.0.2)
    mini_portile2 (2.4.0)
    minitest (5.11.3)
    multi_json (1.13.1)
    mustermann (1.0.3)
    nokogiri (1.10.5)
      mini_portile2 (~> 2.4.0)
    padrino-helpers (0.14.4)
      i18n (~> 0.6, >= 0.6.7)
      padrino-support (= 0.14.4)
      tilt (>= 1.4.1, < 3)
    padrino-support (0.14.4)
    parallel (1.17.0)
    pkg-config (1.3.8)
    public_suffix (3.1.1)
    rack (2.0.8)
    rack-protection (2.0.5)
      rack
    racknga (0.9.3)
      rack
      rroonga
    rails-dom-testing (2.0.3)
      activesupport (>= 4.2.0)
      nokogiri (>= 1.6)
    rails-html-sanitizer (1.2.0)
      loofah (~> 2.2, >= 2.2.2)
    rake (12.3.3)
    rroonga (9.0.3)
      archive-zip
      groonga-client (>= 0.0.3)
      json
      pkg-config
    sinatra (2.0.5)
      mustermann (~> 1.0)
      rack (~> 2.0)
      rack-protection (= 2.0.5)
      tilt (~> 2.0)
    sinatra-contrib (2.0.5)
      backports (>= 2.8.2)
      multi_json
      mustermann (~> 1.0)
      rack-protection (= 2.0.5)
      sinatra (= 2.0.5)
      tilt (>= 1.3, < 3)
    sinatra-cross_origin (0.4.0)
    temple (0.8.1)
    thor (0.20.3)
    thread_safe (0.3.6)
    tilt (2.0.9)
    tzinfo (1.2.5)
      thread_safe (~> 0.1)
    zeitwerk (2.1.9)

PLATFORMS
  ruby

DEPENDENCIES
  bundler
  groonga_dev_search!
  rake

BUNDLED WITH
   1.17.2
